PATH
  remote: .
  specs:
    iron_cache (1.4.0)
      iron_core (>= 0.5.1)

GEM
  remote: https://rubygems.org/
  specs:
    iron_core (1.0.2)
      rest (>= 2.6.4)
    memcache-client (1.8.5)
    mime-types (2.0)
    minitest (5.2.0)
    net-http-persistent (2.9)
    rake (10.1.0)
    rest (2.6.5)
      net-http-persistent
      rest-client (>= 0.3.0)
    rest-client (1.6.7)
      mime-types (>= 1.16)
    test-unit (2.5.5)
    uber_config (1.1.0)

PLATFORMS
  ruby

DEPENDENCIES
  iron_cache!
  memcache-client
  minitest
  rake
  test-unit
  uber_config
