PATH
  remote: .
  specs:
    iron_cache (1.2.3)
      iron_core (>= 0.4.2)

GEM
  remote: https://rubygems.org/
  specs:
    iron_core (0.4.3)
      rest (>= 2.0.2)
    memcache-client (1.8.5)
    mime-types (1.19)
    minitest (4.1.0)
    net-http-persistent (2.8)
    rake (0.9.2.2)
    rest (2.0.4)
      net-http-persistent
      rest-client (>= 0.3.0)
    rest-client (1.6.7)
      mime-types (>= 1.16)
    test-unit (2.5.2)
    uber_config (1.0.5)

PLATFORMS
  ruby

DEPENDENCIES
  iron_cache!
  memcache-client
  minitest
  rake
  test-unit
  uber_config
