PATH
  remote: .
  specs:
    iron_cache (1.0.0)
      iron_core (>= 0.1.4)

GEM
  remote: https://rubygems.org/
  specs:
    ffi (1.0.11)
    iron_core (0.1.4)
      bundler (> 1.0.0)
      rest
      rest-client
    memcache-client (1.8.5)
    mime-types (1.19)
    rake (0.9.2.2)
    rest (1.0.0)
      rest-client (>= 0.3.0)
    rest-client (1.6.7)
      mime-types (>= 1.16)
    test-unit (2.5.0)
    typhoeus (0.4.2)
      ffi (~> 1.0)
      mime-types (~> 1.18)
    uber_config (0.0.3)

PLATFORMS
  ruby

DEPENDENCIES
  iron_cache!
  memcache-client
  rake
  test-unit
  typhoeus
  uber_config
