PATH
  remote: .
  specs:
    iron_cache (1.4.0)
      iron_core (>= 0.5.1)

GEM
  remote: https://rubygems.org/
  specs:
    ethon (0.5.10)
      ffi (~> 1.3.0)
      mime-types (~> 1.18)
    ffi (1.3.1)
    iron_core (0.5.2)
      rest (>= 2.2.0)
    memcache-client (1.8.5)
    mime-types (1.22)
    minitest (4.7.0)
    rake (10.0.4)
    rest (2.5.0)
      rest-client (>= 0.3.0)
      typhoeus (>= 0.5.4)
    rest-client (1.6.7)
      mime-types (>= 1.16)
    test-unit (2.5.4)
    typhoeus (0.6.2)
      ethon (~> 0.5.10)
    uber_config (1.0.5)

PLATFORMS
  ruby

DEPENDENCIES
  iron_cache!
  memcache-client
  minitest
  rake
  test-unit
  uber_config
