PATH
  remote: .
  specs:
    iron_cache (1.4.0)
      iron_core (>= 0.5.1)

GEM
  remote: https://rubygems.org/
  specs:
    iron_core (0.5.2)
      rest (>= 2.2.0)
    memcache-client (1.8.5)
    mime-types (1.21)
    minitest (4.7.0)
    net-http-persistent (2.8)
    rake (10.0.3)
    rest (2.2.0)
      net-http-persistent
      rest-client (>= 0.3.0)
    rest-client (1.6.7)
      mime-types (>= 1.16)
    test-unit (2.5.4)
    uber_config (1.0.5)

PLATFORMS
  ruby

DEPENDENCIES
  iron_cache!
  memcache-client
  minitest
  rake
  test-unit
  uber_config
