PATH
  remote: .
  specs:
    iron_cache (1.4.2)
      iron_core (>= 0.5.1)

GEM
  remote: https://rubygems.org/
  specs:
    iron_core (1.0.7)
      rest (>= 3.0.4)
    memcache-client (1.8.5)
    minitest (5.7.0)
    net-http-persistent (2.9.4)
    netrc (0.10.3)
    power_assert (0.2.4)
    rake (10.4.2)
    rest (3.0.6)
      net-http-persistent (>= 2.9.1)
      netrc
    test-unit (3.1.3)
      power_assert
    uber_config (1.1.2)

PLATFORMS
  ruby

DEPENDENCIES
  iron_cache!
  memcache-client
  minitest
  rake
  test-unit
  uber_config

BUNDLED WITH
   1.10.4
